GEM
  remote: https://rubygems.org/
  specs:
    mysql2 (0.3.17)
    thor (0.19.1)

PLATFORMS
  ruby

DEPENDENCIES
  mysql2
  thor
