GEM
  remote: https://rubygems.org/
  specs:
    colorize (0.7.5)
    mysql2 (0.3.17)
    parallel (1.3.3)
    ruby-progressbar (1.7.1)
    taglib-ruby (0.7.0)
    thor (0.19.1)

PLATFORMS
  ruby

DEPENDENCIES
  colorize
  mysql2
  parallel
  ruby-progressbar
  taglib-ruby
  thor
