GEM
  remote: https://rubygems.org/
  specs:
    mysql2 (0.3.17)
    parallel (1.3.3)
    ruby-mp3info (0.8.5)
    ruby-progressbar (1.7.1)
    thor (0.19.1)

PLATFORMS
  ruby

DEPENDENCIES
  mysql2
  parallel
  ruby-mp3info
  ruby-progressbar
  thor
